GEM
  remote: http://rubygems.org/
  specs:
    gdata (1.1.2)
    hpricot (0.8.4)
    multi_json (1.10.1)
    nokogiri (1.5.2)
    rake (0.9.2)
    shoulda (2.11.3)
    test-unit (2.5.1)

PLATFORMS
  ruby

DEPENDENCIES
  gdata
  hpricot
  multi_json (~> 1.10, >= 1.10.1)
  nokogiri
  rake
  shoulda
  test-unit
